{
    "Modality": "MR",
    "MagneticFieldStrength": 3,
    "ImagingFrequency": 123.261,
    "Manufacturer": "Siemens",
    "ManufacturersModelName": "Prisma",
    "InstitutionName": "Yale_University_-_Dunham_Lab._Bldg.",
    "InstitutionalDepartmentName": "Department",
    "InstitutionAddress": "Hillhouse_Ave._10_New_Haven_Northeast_US_06519",
    "DeviceSerialNumber": "166095",
    "StationName": "AWP166095",
    "BodyPartExamined": "BRAIN",
    "PatientPosition": "HFS",
    "ProcedureStepDescription": "ABCDadult",
    "SoftwareVersions": "syngo_MR_E11",
    "MRAcquisitionType": "2D",
    "SeriesDescription": "ABCD_dMRI_DistortionMap_AP",
    "ProtocolName": "ABCD_dMRI_DistortionMap_AP",
    "ScanningSequence": "EP",
    "SequenceVariant": "SK_SP",
    "ScanOptions": "PFP_FS",
    "SequenceName": "ep_b0",
    "ImageType": [
        "ORIGINAL",
        "PRIMARY",
        "DIFFUSION",
        "NONE",
        "ND"
    ],
    "SeriesNumber": 13,
    "AcquisitionTime": "12:51:45.907500",
    "AcquisitionNumber": 1,
    "SliceThickness": 1.7,
    "SpacingBetweenSlices": 1.7,
    "SAR": 0.177432,
    "EchoTime": 0.089,
    "RepetitionTime": 12.4,
    "FlipAngle": 90,
    "PartialFourier": 0.75,
    "BaseResolution": 140,
    "ShimSetting": [
        -2152,
        -645,
        -3971,
        641,
        -122,
        27,
        6,
        84
    ],
    "DiffusionScheme": "Monopolar",
    "TxRefAmp": 249.214,
    "PhaseResolution": 1,
    "VendorReportedEchoSpacing": 0.00069,
    "ReceiveCoilName": "Head_32",
    "ReceiveCoilActiveElements": "HEA;HEP",
    "PulseSequenceDetails": "%CustomerSeq%_ep2d_diff_sms_abcd",
    "WipMemBlock": "00545e4c-0414-4fcc-9348-1fc2162cb405",
    "ConsistencyInfo": "N4_VE11C_LATEST_20160120",
    "PercentPhaseFOV": 100,
    "EchoTrainLength": 105,
    "PhaseEncodingSteps": 105,
    "AcquisitionMatrixPE": 140,
    "ReconMatrixPE": 140,
    "BandwidthPerPixelPhaseEncode": 10.352,
    "EffectiveEchoSpacing": 0.000689998,
    "DerivedVendorReportedEchoSpacing": 0.000689998,
    "TotalReadoutTime": 0.0959097,
    "PixelBandwidth": 1700,
    "DwellTime": 2.1e-06,
    "PhaseEncodingDirection": "j-",
    "SliceTiming": [
        0,
        6.26562,
        0.15625,
        6.42188,
        0.3125,
        6.57031,
        0.46094,
        6.72656,
        0.61719,
        6.875,
        0.76562,
        7.03125,
        0.92188,
        7.1875,
        1.07031,
        7.33594,
        1.22656,
        7.49219,
        1.375,
        7.64062,
        1.53125,
        7.79688,
        1.6875,
        7.94531,
        1.83594,
        8.10156,
        1.99219,
        8.25781,
        2.14062,
        8.40625,
        2.29688,
        8.5625,
        2.44531,
        8.71094,
        2.60156,
        8.86719,
        2.75,
        9.01562,
        2.90625,
        9.17188,
        3.0625,
        9.32031,
        3.21094,
        9.47656,
        3.36719,
        9.63281,
        3.51562,
        9.78125,
        3.67188,
        9.9375,
        3.82031,
        10.0859,
        3.97656,
        10.2422,
        4.125,
        10.3906,
        4.28125,
        10.5469,
        4.4375,
        10.7031,
        4.58594,
        10.8516,
        4.74219,
        11.0078,
        4.89062,
        11.1562,
        5.04688,
        11.3125,
        5.19531,
        11.4609,
        5.35156,
        11.6172,
        5.5,
        11.7734,
        5.65625,
        11.9219,
        5.8125,
        12.0781,
        5.96094,
        12.2266,
        6.11719
    ],
    "ImageOrientationPatientDICOM": [
        1,
        0,
        0,
        0,
        1,
        0
    ],
    "InPlanePhaseEncodingDirectionDICOM": "COL",
    "ConversionSoftware": "dcm2niix",
    "ConversionSoftwareVersion": "v1.0.20190902",
    "Dcm2bidsVersion": "2.1.4",
    "IntendedFor": [
        "ses-05/dwi/sub-NDARMC914MYN_ses-05_dwi.nii.gz"
    ]
}