{
    "Modality": "MR",
    "MagneticFieldStrength": 3,
    "ImagingFrequency": 123.261,
    "Manufacturer": "Siemens",
    "ManufacturersModelName": "Prisma",
    "InstitutionName": "Yale_University_-_Dunham_Lab._Bldg.",
    "InstitutionalDepartmentName": "Department",
    "InstitutionAddress": "Hillhouse_Ave._10_New_Haven_Northeast_US_06519",
    "DeviceSerialNumber": "166095",
    "StationName": "AWP166095",
    "BodyPartExamined": "BRAIN",
    "PatientPosition": "HFS",
    "ProcedureStepDescription": "ABCDadult",
    "SoftwareVersions": "syngo_MR_E11",
    "MRAcquisitionType": "2D",
    "SeriesDescription": "ABCD_dMRI_DistortionMap_PA",
    "ProtocolName": "ABCD_dMRI_DistortionMap_PA",
    "ScanningSequence": "EP",
    "SequenceVariant": "SK_SP",
    "ScanOptions": "PFP_FS",
    "SequenceName": "ep_b0",
    "ImageType": [
        "ORIGINAL",
        "PRIMARY",
        "DIFFUSION",
        "NONE",
        "ND"
    ],
    "SeriesNumber": 13,
    "AcquisitionTime": "14:07:10.260000",
    "AcquisitionNumber": 1,
    "SliceThickness": 1.7,
    "SpacingBetweenSlices": 1.7,
    "SAR": 0.138559,
    "EchoTime": 0.089,
    "RepetitionTime": 12.4,
    "FlipAngle": 90,
    "PartialFourier": 0.75,
    "BaseResolution": 140,
    "ShimSetting": [
        -2126,
        -636,
        -4025,
        479,
        -44,
        -28,
        45,
        85
    ],
    "DiffusionScheme": "Monopolar",
    "TxRefAmp": 250.65,
    "PhaseResolution": 1,
    "VendorReportedEchoSpacing": 0.00069,
    "ReceiveCoilName": "Head_32",
    "ReceiveCoilActiveElements": "HEA;HEP",
    "PulseSequenceDetails": "%CustomerSeq%_ep2d_diff_sms_abcd",
    "WipMemBlock": "7bf2b0bf-f583-4019-8b5e-41cbe3ca665a",
    "ConsistencyInfo": "N4_VE11C_LATEST_20160120",
    "PercentPhaseFOV": 100,
    "EchoTrainLength": 105,
    "PhaseEncodingSteps": 105,
    "AcquisitionMatrixPE": 140,
    "ReconMatrixPE": 140,
    "BandwidthPerPixelPhaseEncode": 10.352,
    "EffectiveEchoSpacing": 0.000689998,
    "DerivedVendorReportedEchoSpacing": 0.000689998,
    "TotalReadoutTime": 0.0959097,
    "PixelBandwidth": 1700,
    "DwellTime": 2.1e-06,
    "PhaseEncodingDirection": "j",
    "SliceTiming": [
        0,
        6.26562,
        0.14062,
        6.42188,
        0.29688,
        6.5625,
        0.45312,
        6.71875,
        0.60938,
        6.875,
        0.76562,
        7.03125,
        0.90625,
        7.17188,
        1.0625,
        7.32812,
        1.21875,
        7.48438,
        1.375,
        7.64062,
        1.53125,
        7.79688,
        1.67188,
        7.9375,
        1.82812,
        8.09375,
        1.98438,
        8.25,
        2.14062,
        8.40625,
        2.28125,
        8.54688,
        2.4375,
        8.70312,
        2.59375,
        8.85938,
        2.75,
        9.01562,
        2.90625,
        9.17188,
        3.04688,
        9.3125,
        3.20312,
        9.46875,
        3.35938,
        9.625,
        3.51562,
        9.78125,
        3.65625,
        9.92188,
        3.8125,
        10.0781,
        3.96875,
        10.2344,
        4.125,
        10.3906,
        4.28125,
        10.5469,
        4.42188,
        10.6875,
        4.57812,
        10.8438,
        4.73438,
        11,
        4.89062,
        11.1562,
        5.04688,
        11.2969,
        5.1875,
        11.4531,
        5.34375,
        11.6094,
        5.5,
        11.7656,
        5.65625,
        11.9219,
        5.79688,
        12.0625,
        5.95312,
        12.2188,
        6.10938
    ],
    "ImageOrientationPatientDICOM": [
        1,
        0,
        0,
        0,
        1,
        0
    ],
    "InPlanePhaseEncodingDirectionDICOM": "COL",
    "ConversionSoftware": "dcm2niix",
    "ConversionSoftwareVersion": "v1.0.20190902",
    "Dcm2bidsVersion": "2.1.4",
    "IntendedFor": [
        "ses-04/dwi/sub-NDARJZ387ZJA_ses-04_dwi.nii.gz"
    ]
}