{
    "Modality": "MR",
    "MagneticFieldStrength": 3,
    "ImagingFrequency": 123.261,
    "Manufacturer": "Siemens",
    "ManufacturersModelName": "Prisma",
    "InstitutionName": "Yale_University_-_Dunham_Lab._Bldg.",
    "InstitutionalDepartmentName": "Department",
    "InstitutionAddress": "Hillhouse_Ave._10_New_Haven_Northeast_US_06519",
    "DeviceSerialNumber": "166095",
    "StationName": "AWP166095",
    "BodyPartExamined": "BRAIN",
    "PatientPosition": "HFS",
    "ProcedureStepDescription": "ABCDadult",
    "SoftwareVersions": "syngo_MR_E11",
    "MRAcquisitionType": "2D",
    "SeriesDescription": "ABCD_fMRI_DistortionMap_PA",
    "ProtocolName": "ABCD_fMRI_DistortionMap_PA",
    "ScanningSequence": "EP",
    "SequenceVariant": "SK_SP",
    "ScanOptions": "FS",
    "SequenceName": "epse2d1_90",
    "ImageType": [
        "ORIGINAL",
        "PRIMARY",
        "M",
        "ND"
    ],
    "SeriesNumber": 25,
    "AcquisitionTime": "13:05:51.292500",
    "AcquisitionNumber": 1,
    "SliceThickness": 2.4,
    "SpacingBetweenSlices": 2.4,
    "SAR": 0.154293,
    "EchoTime": 0.08,
    "RepetitionTime": 7.03,
    "FlipAngle": 90,
    "PartialFourier": 1,
    "BaseResolution": 90,
    "ShimSetting": [
        -2121,
        -697,
        -3937,
        755,
        -47,
        5,
        104,
        62
    ],
    "TxRefAmp": 220.104,
    "PhaseResolution": 1,
    "VendorReportedEchoSpacing": 0.00051,
    "ReceiveCoilName": "Head_32",
    "ReceiveCoilActiveElements": "HEA;HEP",
    "PulseSequenceDetails": "%CustomerSeq%_ep2d_se_sms_abcd",
    "WipMemBlock": "f09f79da-45e1-416a-b368-de8318b383af",
    "ConsistencyInfo": "N4_VE11C_LATEST_20160120",
    "PercentPhaseFOV": 100,
    "EchoTrainLength": 90,
    "PhaseEncodingSteps": 90,
    "AcquisitionMatrixPE": 90,
    "ReconMatrixPE": 90,
    "BandwidthPerPixelPhaseEncode": 21.786,
    "EffectiveEchoSpacing": 0.000510012,
    "DerivedVendorReportedEchoSpacing": 0.000510012,
    "TotalReadoutTime": 0.045391,
    "PixelBandwidth": 2780,
    "DwellTime": 2e-06,
    "PhaseEncodingDirection": "j",
    "SliceTiming": [
        3.50781,
        0,
        3.625,
        0.11719,
        3.75,
        0.23438,
        3.86719,
        0.35156,
        3.98438,
        0.46875,
        4.09375,
        0.58594,
        4.21094,
        0.69531,
        4.32812,
        0.8125,
        4.44531,
        0.9375,
        4.5625,
        1.05469,
        4.6875,
        1.17188,
        4.80469,
        1.28906,
        4.91406,
        1.40625,
        5.03125,
        1.51562,
        5.14844,
        1.63281,
        5.26562,
        1.75,
        5.38281,
        1.875,
        5.5,
        1.99219,
        5.625,
        2.10938,
        5.74219,
        2.22656,
        5.85156,
        2.33594,
        5.96875,
        2.45312,
        6.08594,
        2.57031,
        6.20312,
        2.6875,
        6.32031,
        2.8125,
        6.4375,
        2.92969,
        6.5625,
        3.04688,
        6.67188,
        3.16406,
        6.78906,
        3.27344,
        6.90625,
        3.39062
    ],
    "ImageOrientationPatientDICOM": [
        1,
        0,
        0,
        0,
        1,
        0
    ],
    "InPlanePhaseEncodingDirectionDICOM": "COL",
    "ConversionSoftware": "dcm2niix",
    "ConversionSoftwareVersion": "v1.0.20190902",
    "Dcm2bidsVersion": "2.1.4",
    "IntendedFor": [
        "ses-01/anat/sub-NDARUD216XXV_ses-01_T1w.nii.gz",
        "ses-01/anat/sub-NDARUD216XXV_ses-01_T2w.nii.gz",
        "ses-01/func/sub-NDARUD216XXV_ses-01_task-rest_run-02_bold.nii.gz",
        "ses-01/func/sub-NDARUD216XXV_ses-01_task-rest_run-01_bold.nii.gz",
        "ses-01/func/sub-NDARUD216XXV_ses-01_task-rest_run-03_bold.nii.gz",
        "ses-01/func/sub-NDARUD216XXV_ses-01_task-rest_run-04_bold.nii.gz"
    ]
}