{
    "Modality": "MR",
    "MagneticFieldStrength": 3,
    "ImagingFrequency": 123.261,
    "Manufacturer": "Siemens",
    "ManufacturersModelName": "Prisma",
    "InstitutionName": "Yale_University_-_Dunham_Lab._Bldg.",
    "InstitutionalDepartmentName": "Department",
    "InstitutionAddress": "Hillhouse_Ave._10_New_Haven_Northeast_US_06519",
    "DeviceSerialNumber": "166095",
    "StationName": "AWP166095",
    "BodyPartExamined": "BRAIN",
    "PatientPosition": "HFS",
    "ProcedureStepDescription": "ABCDadult",
    "SoftwareVersions": "syngo_MR_E11",
    "MRAcquisitionType": "3D",
    "SeriesDescription": "ABCD_T2w_SPC_vNav",
    "ProtocolName": "ABCD_T2w_SPC_vNav",
    "ScanningSequence": "SE",
    "SequenceVariant": "SK_SP",
    "ScanOptions": "PFP",
    "SequenceName": "spc_200ns",
    "ImageType": [
        "ORIGINAL",
        "PRIMARY",
        "M",
        "ND"
    ],
    "SeriesNumber": 17,
    "AcquisitionTime": "15:19:29.867500",
    "AcquisitionNumber": 1,
    "SliceThickness": 1,
    "SAR": 0.0661348,
    "EchoTime": 0.565,
    "RepetitionTime": 3.2,
    "FlipAngle": 120,
    "PartialFourier": 1,
    "BaseResolution": 256,
    "ShimSetting": [
        -2130,
        -677,
        -4070,
        445,
        62,
        -253,
        14,
        101
    ],
    "TxRefAmp": 218.324,
    "PhaseResolution": 1,
    "ReceiveCoilName": "Head_32",
    "ReceiveCoilActiveElements": "HEA;HEP",
    "PulseSequenceDetails": "%CustomerSeq%_tse_vfl_mgh_epinav_ABCD",
    "WipMemBlock": "Prisma_epi_moco_navigator_ABCD_tse_vfl.prot",
    "RefLinesPE": 32,
    "ConsistencyInfo": "N4_VE11C_LATEST_20160120",
    "PercentPhaseFOV": 100,
    "EchoTrainLength": 190,
    "PhaseEncodingSteps": 227,
    "AcquisitionMatrixPE": 256,
    "ReconMatrixPE": 256,
    "ParallelReductionFactorInPlane": 2,
    "PixelBandwidth": 240,
    "DwellTime": 0.000510012,
    "ImageOrientationPatientDICOM": [
        -0.0471443,
        0.998888,
        1.83812e-08,
        -0.0487722,
        -0.00230187,
        -0.998807
    ],
    "InPlanePhaseEncodingDirectionDICOM": "ROW",
    "ConversionSoftware": "dcm2niix",
    "ConversionSoftwareVersion": "v1.0.20190902",
    "Dcm2bidsVersion": "2.1.4"
}