{
    "Modality": "MR",
    "MagneticFieldStrength": 3,
    "ImagingFrequency": 123.261,
    "Manufacturer": "Siemens",
    "ManufacturersModelName": "Prisma",
    "InstitutionName": "Yale_University_-_Dunham_Lab._Bldg.",
    "InstitutionalDepartmentName": "Department",
    "InstitutionAddress": "Hillhouse_Ave._10_New_Haven_Northeast_US_06519",
    "DeviceSerialNumber": "166095",
    "StationName": "AWP166095",
    "BodyPartExamined": "BRAIN",
    "PatientPosition": "HFS",
    "ProcedureStepDescription": "ABCDadult",
    "SoftwareVersions": "syngo_MR_E11",
    "MRAcquisitionType": "2D",
    "SeriesDescription": "ABCD_fMRI_DistortionMap_AP",
    "ProtocolName": "ABCD_fMRI_DistortionMap_AP",
    "ScanningSequence": "EP",
    "SequenceVariant": "SK_SP",
    "ScanOptions": "FS",
    "SequenceName": "epse2d1_90",
    "ImageType": [
        "ORIGINAL",
        "PRIMARY",
        "M",
        "ND"
    ],
    "SeriesNumber": 26,
    "AcquisitionTime": "15:25:39.027500",
    "AcquisitionNumber": 1,
    "SliceThickness": 2.4,
    "SpacingBetweenSlices": 2.4,
    "SAR": 0.146161,
    "EchoTime": 0.08,
    "RepetitionTime": 7.03,
    "FlipAngle": 90,
    "PartialFourier": 1,
    "BaseResolution": 90,
    "ShimSetting": [
        -2117,
        -616,
        -4031,
        537,
        25,
        -68,
        -121,
        43
    ],
    "TxRefAmp": 221.685,
    "PhaseResolution": 1,
    "VendorReportedEchoSpacing": 0.00051,
    "ReceiveCoilName": "Head_32",
    "ReceiveCoilActiveElements": "HEA;HEP",
    "PulseSequenceDetails": "%CustomerSeq%_ep2d_se_sms_abcd",
    "WipMemBlock": "fdda2847-99b5-4fc4-8373-ee380e4b447d",
    "ConsistencyInfo": "N4_VE11C_LATEST_20160120",
    "PercentPhaseFOV": 100,
    "EchoTrainLength": 90,
    "PhaseEncodingSteps": 90,
    "AcquisitionMatrixPE": 90,
    "ReconMatrixPE": 90,
    "BandwidthPerPixelPhaseEncode": 21.786,
    "EffectiveEchoSpacing": 0.000510012,
    "DerivedVendorReportedEchoSpacing": 0.000510012,
    "TotalReadoutTime": 0.045391,
    "PixelBandwidth": 2780,
    "DwellTime": 2e-06,
    "PhaseEncodingDirection": "j-",
    "SliceTiming": [
        3.51562,
        0,
        3.625,
        0.10938,
        3.75,
        0.23438,
        3.85938,
        0.34375,
        3.98438,
        0.46875,
        4.09375,
        0.57812,
        4.21875,
        0.70312,
        4.32812,
        0.8125,
        4.45312,
        0.9375,
        4.5625,
        1.04688,
        4.6875,
        1.17188,
        4.79688,
        1.28125,
        4.92188,
        1.40625,
        5.03125,
        1.51562,
        5.15625,
        1.64062,
        5.26562,
        1.75,
        5.39062,
        1.875,
        5.5,
        1.98438,
        5.625,
        2.10938,
        5.73438,
        2.21875,
        5.85938,
        2.34375,
        5.96875,
        2.45312,
        6.09375,
        2.57812,
        6.20312,
        2.6875,
        6.32812,
        2.8125,
        6.4375,
        2.92188,
        6.5625,
        3.04688,
        6.67188,
        3.15625,
        6.79688,
        3.28125,
        6.90625,
        3.39062
    ],
    "ImageOrientationPatientDICOM": [
        1,
        0,
        0,
        0,
        1,
        0
    ],
    "InPlanePhaseEncodingDirectionDICOM": "COL",
    "ConversionSoftware": "dcm2niix",
    "ConversionSoftwareVersion": "v1.0.20190902",
    "Dcm2bidsVersion": "2.1.4",
    "IntendedFor": [
        "ses-01/anat/sub-NDARTR918TJX_ses-01_T1w.nii.gz",
        "ses-01/anat/sub-NDARTR918TJX_ses-01_T2w.nii.gz",
        "ses-01/func/sub-NDARTR918TJX_ses-01_task-MID_run-01_bold.nii.gz",
        "ses-01/func/sub-NDARTR918TJX_ses-01_task-MID_run-02_bold.nii.gz",
        "ses-01/func/sub-NDARTR918TJX_ses-01_task-nback_run-01_bold.nii.gz",
        "ses-01/func/sub-NDARTR918TJX_ses-01_task-nback_run-02_bold.nii.gz",
        "ses-01/func/sub-NDARTR918TJX_ses-01_task-rest_run-01_bold.nii.gz",
        "ses-01/func/sub-NDARTR918TJX_ses-01_task-rest_run-02_bold.nii.gz",
        "ses-01/func/sub-NDARTR918TJX_ses-01_task-rest_run-03_bold.nii.gz",
        "ses-01/func/sub-NDARTR918TJX_ses-01_task-rest_run-04_bold.nii.gz",
        "ses-01/func/sub-NDARTR918TJX_ses-01_task-SST_run-01_bold.nii.gz",
        "ses-01/func/sub-NDARTR918TJX_ses-01_task-SST_run-02_bold.nii.gz"
    ]
}