{
    "Modality": "MR",
    "MagneticFieldStrength": 3,
    "ImagingFrequency": 123.261,
    "Manufacturer": "Siemens",
    "ManufacturersModelName": "Prisma",
    "InstitutionName": "Yale_University_-_Dunham_Lab._Bldg.",
    "InstitutionalDepartmentName": "Department",
    "InstitutionAddress": "Hillhouse_Ave._10_New_Haven_Northeast_US_06519",
    "DeviceSerialNumber": "166095",
    "StationName": "AWP166095",
    "BodyPartExamined": "BRAIN",
    "PatientPosition": "HFS",
    "ProcedureStepDescription": "ABCDadult",
    "SoftwareVersions": "syngo_MR_E11",
    "MRAcquisitionType": "2D",
    "SeriesDescription": "ABCD_fMRI_DistortionMap_AP",
    "ProtocolName": "ABCD_fMRI_DistortionMap_AP",
    "ScanningSequence": "EP",
    "SequenceVariant": "SK_SP",
    "ScanOptions": "FS",
    "SequenceName": "epse2d1_90",
    "ImageType": [
        "ORIGINAL",
        "PRIMARY",
        "M",
        "ND"
    ],
    "SeriesNumber": 26,
    "AcquisitionTime": "13:45:23.015000",
    "AcquisitionNumber": 1,
    "SliceThickness": 2.4,
    "SpacingBetweenSlices": 2.4,
    "SAR": 0.185681,
    "EchoTime": 0.08,
    "RepetitionTime": 7.03,
    "FlipAngle": 90,
    "PartialFourier": 1,
    "BaseResolution": 90,
    "ShimSetting": [
        -2141,
        -641,
        -4013,
        397,
        -93,
        -21,
        1,
        83
    ],
    "TxRefAmp": 254.38,
    "PhaseResolution": 1,
    "VendorReportedEchoSpacing": 0.00051,
    "ReceiveCoilName": "Head_32",
    "ReceiveCoilActiveElements": "HEA;HEP",
    "PulseSequenceDetails": "%CustomerSeq%_ep2d_se_sms_abcd",
    "WipMemBlock": "ca6ed7aa-b041-4506-9624-7be9e1eda91b",
    "ConsistencyInfo": "N4_VE11C_LATEST_20160120",
    "PercentPhaseFOV": 100,
    "EchoTrainLength": 90,
    "PhaseEncodingSteps": 90,
    "AcquisitionMatrixPE": 90,
    "ReconMatrixPE": 90,
    "BandwidthPerPixelPhaseEncode": 21.786,
    "EffectiveEchoSpacing": 0.000510012,
    "DerivedVendorReportedEchoSpacing": 0.000510012,
    "TotalReadoutTime": 0.045391,
    "PixelBandwidth": 2780,
    "DwellTime": 2e-06,
    "PhaseEncodingDirection": "j-",
    "SliceTiming": [
        3.51562,
        0,
        3.625,
        0.125,
        3.75,
        0.23438,
        3.875,
        0.35938,
        3.98438,
        0.46875,
        4.10938,
        0.59375,
        4.21875,
        0.70312,
        4.34375,
        0.82812,
        4.45312,
        0.9375,
        4.5625,
        1.0625,
        4.6875,
        1.17188,
        4.8125,
        1.29688,
        4.92188,
        1.40625,
        5.04688,
        1.53125,
        5.15625,
        1.64062,
        5.26562,
        1.76562,
        5.39062,
        1.875,
        5.5,
        2,
        5.625,
        2.10938,
        5.75,
        2.23438,
        5.85938,
        2.34375,
        5.98438,
        2.46875,
        6.09375,
        2.57812,
        6.20312,
        2.6875,
        6.32812,
        2.8125,
        6.4375,
        2.9375,
        6.5625,
        3.04688,
        6.6875,
        3.17188,
        6.79688,
        3.28125,
        6.92188,
        3.40625
    ],
    "ImageOrientationPatientDICOM": [
        1,
        0,
        0,
        0,
        1,
        0
    ],
    "InPlanePhaseEncodingDirectionDICOM": "COL",
    "ConversionSoftware": "dcm2niix",
    "ConversionSoftwareVersion": "v1.0.20190902",
    "Dcm2bidsVersion": "2.1.4",
    "IntendedFor": [
        "ses-05/anat/sub-NDARJZ387ZJA_ses-05_T1w.nii.gz",
        "ses-05/anat/sub-NDARJZ387ZJA_ses-05_T2w.nii.gz",
        "ses-05/func/sub-NDARJZ387ZJA_ses-05_task-MID_run-01_bold.nii.gz",
        "ses-05/func/sub-NDARJZ387ZJA_ses-05_task-MID_run-02_bold.nii.gz",
        "ses-05/func/sub-NDARJZ387ZJA_ses-05_task-nback_run-01_bold.nii.gz",
        "ses-05/func/sub-NDARJZ387ZJA_ses-05_task-nback_run-02_bold.nii.gz",
        "ses-05/func/sub-NDARJZ387ZJA_ses-05_task-rest_run-01_bold.nii.gz",
        "ses-05/func/sub-NDARJZ387ZJA_ses-05_task-rest_run-02_bold.nii.gz",
        "ses-05/func/sub-NDARJZ387ZJA_ses-05_task-rest_run-03_bold.nii.gz",
        "ses-05/func/sub-NDARJZ387ZJA_ses-05_task-rest_run-04_bold.nii.gz",
        "ses-05/func/sub-NDARJZ387ZJA_ses-05_task-SST_run-01_bold.nii.gz",
        "ses-05/func/sub-NDARJZ387ZJA_ses-05_task-SST_run-02_bold.nii.gz"
    ]
}