{
    "Modality": "MR",
    "MagneticFieldStrength": 3,
    "ImagingFrequency": 123.261,
    "Manufacturer": "Siemens",
    "ManufacturersModelName": "Prisma",
    "InstitutionName": "Yale_University_-_Dunham_Lab._Bldg.",
    "InstitutionalDepartmentName": "Department",
    "InstitutionAddress": "Hillhouse_Ave._10_New_Haven_Northeast_US_06519",
    "DeviceSerialNumber": "166095",
    "StationName": "AWP166095",
    "BodyPartExamined": "BRAIN",
    "PatientPosition": "HFS",
    "ProcedureStepDescription": "ABCDadult",
    "SoftwareVersions": "syngo_MR_E11",
    "MRAcquisitionType": "2D",
    "SeriesDescription": "ABCD_dMRI_DistortionMap_AP",
    "ProtocolName": "ABCD_dMRI_DistortionMap_AP",
    "ScanningSequence": "EP",
    "SequenceVariant": "SK_SP",
    "ScanOptions": "PFP_FS",
    "SequenceName": "ep_b0",
    "ImageType": [
        "ORIGINAL",
        "PRIMARY",
        "DIFFUSION",
        "NONE",
        "ND"
    ],
    "SeriesNumber": 13,
    "AcquisitionTime": "15:21:32.910000",
    "AcquisitionNumber": 1,
    "SliceThickness": 1.7,
    "SpacingBetweenSlices": 1.7,
    "SAR": 0.134776,
    "EchoTime": 0.089,
    "RepetitionTime": 12.4,
    "FlipAngle": 90,
    "PartialFourier": 0.75,
    "BaseResolution": 140,
    "ShimSetting": [
        -2131,
        -619,
        -3924,
        563,
        31,
        24,
        -6,
        43
    ],
    "DiffusionScheme": "Monopolar",
    "TxRefAmp": 239.431,
    "PhaseResolution": 1,
    "VendorReportedEchoSpacing": 0.00069,
    "ReceiveCoilName": "Head_32",
    "ReceiveCoilActiveElements": "HEA;HEP",
    "PulseSequenceDetails": "%CustomerSeq%_ep2d_diff_sms_abcd",
    "WipMemBlock": "59488ab0-c363-4be1-ba30-00f40873c69d",
    "ConsistencyInfo": "N4_VE11C_LATEST_20160120",
    "PercentPhaseFOV": 100,
    "EchoTrainLength": 105,
    "PhaseEncodingSteps": 105,
    "AcquisitionMatrixPE": 140,
    "ReconMatrixPE": 140,
    "BandwidthPerPixelPhaseEncode": 10.352,
    "EffectiveEchoSpacing": 0.000689998,
    "DerivedVendorReportedEchoSpacing": 0.000689998,
    "TotalReadoutTime": 0.0959097,
    "PixelBandwidth": 1700,
    "DwellTime": 2.1e-06,
    "PhaseEncodingDirection": "j-",
    "SliceTiming": [
        0,
        6.26562,
        0.15625,
        6.42188,
        0.3125,
        6.57812,
        0.46875,
        6.73438,
        0.60938,
        6.875,
        0.76562,
        7.03125,
        0.92188,
        7.1875,
        1.07812,
        7.34375,
        1.21875,
        7.5,
        1.375,
        7.64062,
        1.53125,
        7.79688,
        1.6875,
        7.95312,
        1.84375,
        8.10938,
        1.98438,
        8.25,
        2.14062,
        8.40625,
        2.29688,
        8.5625,
        2.45312,
        8.71875,
        2.59375,
        8.875,
        2.75,
        9.01562,
        2.90625,
        9.17188,
        3.0625,
        9.32812,
        3.21875,
        9.48438,
        3.35938,
        9.625,
        3.51562,
        9.78125,
        3.67188,
        9.9375,
        3.82812,
        10.0938,
        3.98438,
        10.25,
        4.125,
        10.3906,
        4.28125,
        10.5469,
        4.4375,
        10.7031,
        4.59375,
        10.8594,
        4.73438,
        11.0156,
        4.89062,
        11.1562,
        5.04688,
        11.3125,
        5.20312,
        11.4688,
        5.35938,
        11.625,
        5.5,
        11.7656,
        5.65625,
        11.9219,
        5.8125,
        12.0781,
        5.96875,
        12.2344,
        6.10938
    ],
    "ImageOrientationPatientDICOM": [
        1,
        0,
        0,
        0,
        1,
        0
    ],
    "InPlanePhaseEncodingDirectionDICOM": "COL",
    "ConversionSoftware": "dcm2niix",
    "ConversionSoftwareVersion": "v1.0.20190902",
    "Dcm2bidsVersion": "2.1.4",
    "IntendedFor": [
        "ses-05/dwi/sub-NDARTR918TJX_ses-05_dwi.nii.gz"
    ]
}