{
    "Modality": "MR",
    "MagneticFieldStrength": 3,
    "ImagingFrequency": 123.261,
    "Manufacturer": "Siemens",
    "ManufacturersModelName": "Prisma",
    "InstitutionName": "Yale_University_-_Dunham_Lab._Bldg.",
    "InstitutionalDepartmentName": "Department",
    "InstitutionAddress": "Hillhouse_Ave._10_New_Haven_Northeast_US_06519",
    "DeviceSerialNumber": "166095",
    "StationName": "AWP166095",
    "BodyPartExamined": "BRAIN",
    "PatientPosition": "HFS",
    "ProcedureStepDescription": "ABCDadult",
    "SoftwareVersions": "syngo_MR_E11",
    "MRAcquisitionType": "2D",
    "SeriesDescription": "ABCD_dMRI_DistortionMap_AP",
    "ProtocolName": "ABCD_dMRI_DistortionMap_AP",
    "ScanningSequence": "EP",
    "SequenceVariant": "SK_SP",
    "ScanOptions": "PFP_FS",
    "SequenceName": "ep_b0",
    "ImageType": [
        "ORIGINAL",
        "PRIMARY",
        "DIFFUSION",
        "NONE",
        "ND"
    ],
    "SeriesNumber": 13,
    "AcquisitionTime": "11:55:11.930000",
    "AcquisitionNumber": 1,
    "SliceThickness": 1.7,
    "SpacingBetweenSlices": 1.7,
    "SAR": 0.138863,
    "EchoTime": 0.089,
    "RepetitionTime": 12.4,
    "FlipAngle": 90,
    "PartialFourier": 0.75,
    "BaseResolution": 140,
    "ShimSetting": [
        -2137,
        -668,
        -3943,
        533,
        -13,
        -43,
        -15,
        89
    ],
    "DiffusionScheme": "Monopolar",
    "TxRefAmp": 254.718,
    "PhaseResolution": 1,
    "VendorReportedEchoSpacing": 0.00069,
    "ReceiveCoilName": "Head_32",
    "ReceiveCoilActiveElements": "HEA;HEP",
    "PulseSequenceDetails": "%CustomerSeq%_ep2d_diff_sms_abcd",
    "WipMemBlock": "097495f7-9a59-415a-883d-d797277de031",
    "ConsistencyInfo": "N4_VE11C_LATEST_20160120",
    "PercentPhaseFOV": 100,
    "EchoTrainLength": 105,
    "PhaseEncodingSteps": 105,
    "AcquisitionMatrixPE": 140,
    "ReconMatrixPE": 140,
    "BandwidthPerPixelPhaseEncode": 10.352,
    "EffectiveEchoSpacing": 0.000689998,
    "DerivedVendorReportedEchoSpacing": 0.000689998,
    "TotalReadoutTime": 0.0959097,
    "PixelBandwidth": 1700,
    "DwellTime": 2.1e-06,
    "PhaseEncodingDirection": "j-",
    "SliceTiming": [
        0,
        6.26562,
        0.15625,
        6.41406,
        0.30469,
        6.57031,
        0.46094,
        6.72656,
        0.60938,
        6.875,
        0.76562,
        7.03125,
        0.91406,
        7.17969,
        1.07031,
        7.33594,
        1.22656,
        7.48438,
        1.375,
        7.64062,
        1.53125,
        7.78906,
        1.67969,
        7.94531,
        1.83594,
        8.10156,
        1.98438,
        8.25,
        2.14062,
        8.40625,
        2.28906,
        8.55469,
        2.44531,
        8.71094,
        2.60156,
        8.85938,
        2.75,
        9.01562,
        2.90625,
        9.17188,
        3.05469,
        9.32031,
        3.21094,
        9.47656,
        3.35938,
        9.625,
        3.51562,
        9.78125,
        3.66406,
        9.92969,
        3.82031,
        10.0859,
        3.97656,
        10.2422,
        4.125,
        10.3906,
        4.28125,
        10.5469,
        4.42969,
        10.6953,
        4.58594,
        10.8516,
        4.73438,
        11,
        4.89062,
        11.1562,
        5.03906,
        11.3125,
        5.19531,
        11.4609,
        5.35156,
        11.6172,
        5.5,
        11.7656,
        5.65625,
        11.9219,
        5.80469,
        12.0703,
        5.96094,
        12.2266,
        6.10938
    ],
    "ImageOrientationPatientDICOM": [
        1,
        0,
        0,
        0,
        1,
        0
    ],
    "InPlanePhaseEncodingDirectionDICOM": "COL",
    "ConversionSoftware": "dcm2niix",
    "ConversionSoftwareVersion": "v1.0.20190902",
    "Dcm2bidsVersion": "2.1.4",
    "IntendedFor": [
        "ses-03/dwi/sub-NDARDD890AYU_ses-03_dwi.nii.gz"
    ]
}