{
    "Modality": "MR",
    "MagneticFieldStrength": 3,
    "ImagingFrequency": 123.261,
    "Manufacturer": "Siemens",
    "ManufacturersModelName": "Prisma",
    "InstitutionName": "Yale_University_-_Dunham_Lab._Bldg.",
    "InstitutionalDepartmentName": "Department",
    "InstitutionAddress": "Hillhouse_Ave._10_New_Haven_Northeast_US_06519",
    "DeviceSerialNumber": "166095",
    "StationName": "AWP166095",
    "BodyPartExamined": "BRAIN",
    "PatientPosition": "HFS",
    "ProcedureStepDescription": "ABCDadult",
    "SoftwareVersions": "syngo_MR_E11",
    "MRAcquisitionType": "2D",
    "SeriesDescription": "ABCD_fMRI_DistortionMap_AP",
    "ProtocolName": "ABCD_fMRI_DistortionMap_AP",
    "ScanningSequence": "EP",
    "SequenceVariant": "SK_SP",
    "ScanOptions": "FS",
    "SequenceName": "epse2d1_90",
    "ImageType": [
        "ORIGINAL",
        "PRIMARY",
        "M",
        "ND"
    ],
    "SeriesNumber": 7,
    "AcquisitionTime": "11:41:34.050000",
    "AcquisitionNumber": 1,
    "SliceThickness": 2.4,
    "SpacingBetweenSlices": 2.4,
    "SAR": 0.175773,
    "EchoTime": 0.08,
    "RepetitionTime": 7.03,
    "FlipAngle": 90,
    "PartialFourier": 1,
    "BaseResolution": 90,
    "ShimSetting": [
        -2142,
        -664,
        -3972,
        463,
        -29,
        -68,
        -69,
        64
    ],
    "TxRefAmp": 254.718,
    "PhaseResolution": 1,
    "VendorReportedEchoSpacing": 0.00051,
    "ReceiveCoilName": "Head_32",
    "ReceiveCoilActiveElements": "HEA;HEP",
    "PulseSequenceDetails": "%CustomerSeq%_ep2d_se_sms_abcd",
    "WipMemBlock": "367de74c-575b-4638-a552-8997dc89c12c",
    "ConsistencyInfo": "N4_VE11C_LATEST_20160120",
    "PercentPhaseFOV": 100,
    "EchoTrainLength": 90,
    "PhaseEncodingSteps": 90,
    "AcquisitionMatrixPE": 90,
    "ReconMatrixPE": 90,
    "BandwidthPerPixelPhaseEncode": 21.786,
    "EffectiveEchoSpacing": 0.000510012,
    "DerivedVendorReportedEchoSpacing": 0.000510012,
    "TotalReadoutTime": 0.045391,
    "PixelBandwidth": 2780,
    "DwellTime": 2e-06,
    "PhaseEncodingDirection": "j-",
    "SliceTiming": [
        3.51562,
        0,
        3.63281,
        0.125,
        3.75,
        0.24219,
        3.875,
        0.35938,
        3.99219,
        0.47656,
        4.10938,
        0.59375,
        4.21875,
        0.71094,
        4.33594,
        0.82031,
        4.45312,
        0.9375,
        4.57031,
        1.0625,
        4.6875,
        1.17969,
        4.8125,
        1.29688,
        4.92969,
        1.41406,
        5.04688,
        1.53125,
        5.15625,
        1.64062,
        5.27344,
        1.75781,
        5.39062,
        1.875,
        5.50781,
        2,
        5.625,
        2.11719,
        5.75,
        2.23438,
        5.86719,
        2.35156,
        5.97656,
        2.46094,
        6.09375,
        2.57812,
        6.21094,
        2.69531,
        6.32812,
        2.8125,
        6.44531,
        2.9375,
        6.5625,
        3.05469,
        6.6875,
        3.17188,
        6.79688,
        3.28906,
        6.91406,
        3.39844
    ],
    "ImageOrientationPatientDICOM": [
        1,
        0,
        0,
        0,
        1,
        0
    ],
    "InPlanePhaseEncodingDirectionDICOM": "COL",
    "ConversionSoftware": "dcm2niix",
    "ConversionSoftwareVersion": "v1.0.20190902",
    "Dcm2bidsVersion": "2.1.4",
    "IntendedFor": []
}