{
    "Modality": "MR",
    "MagneticFieldStrength": 3,
    "ImagingFrequency": 123.261,
    "Manufacturer": "Siemens",
    "ManufacturersModelName": "Prisma",
    "InstitutionName": "Yale_University_-_Dunham_Lab._Bldg.",
    "InstitutionalDepartmentName": "Department",
    "InstitutionAddress": "Hillhouse_Ave._10_New_Haven_Northeast_US_06519",
    "DeviceSerialNumber": "166095",
    "StationName": "AWP166095",
    "BodyPartExamined": "BRAIN",
    "PatientPosition": "HFS",
    "ProcedureStepDescription": "Casey_ABCD-Adult",
    "SoftwareVersions": "syngo_MR_E11",
    "MRAcquisitionType": "2D",
    "SeriesDescription": "ABCD_fMRI_DistortionMap_PA",
    "ProtocolName": "ABCD_fMRI_DistortionMap_PA",
    "ScanningSequence": "EP",
    "SequenceVariant": "SK_SP",
    "ScanOptions": "FS",
    "SequenceName": "epse2d1_90",
    "ImageType": [
        "ORIGINAL",
        "PRIMARY",
        "M",
        "ND"
    ],
    "SeriesNumber": 6,
    "AcquisitionTime": "11:40:32.792500",
    "AcquisitionNumber": 1,
    "SliceThickness": 2.4,
    "SpacingBetweenSlices": 2.4,
    "SAR": 0.158936,
    "EchoTime": 0.08,
    "RepetitionTime": 7.03,
    "FlipAngle": 90,
    "PartialFourier": 1,
    "BaseResolution": 90,
    "ShimSetting": [
        -2124,
        -623,
        -4116,
        467,
        -79,
        -8,
        -121,
        100
    ],
    "TxRefAmp": 244.983,
    "PhaseResolution": 1,
    "VendorReportedEchoSpacing": 0.00051,
    "ReceiveCoilName": "Head_32",
    "ReceiveCoilActiveElements": "HEA;HEP",
    "PulseSequenceDetails": "%CustomerSeq%_ep2d_se_sms_abcd",
    "WipMemBlock": "11f8ae4c-26d4-43eb-b3df-9e88f54fbfc7",
    "ConsistencyInfo": "N4_VE11C_LATEST_20160120",
    "PercentPhaseFOV": 100,
    "EchoTrainLength": 90,
    "PhaseEncodingSteps": 90,
    "AcquisitionMatrixPE": 90,
    "ReconMatrixPE": 90,
    "BandwidthPerPixelPhaseEncode": 21.786,
    "EffectiveEchoSpacing": 0.000510012,
    "DerivedVendorReportedEchoSpacing": 0.000510012,
    "TotalReadoutTime": 0.045391,
    "PixelBandwidth": 2780,
    "DwellTime": 2e-06,
    "PhaseEncodingDirection": "j",
    "SliceTiming": [
        3.50781,
        0,
        3.625,
        0.10938,
        3.74219,
        0.22656,
        3.85938,
        0.34375,
        3.97656,
        0.46094,
        4.09375,
        0.57812,
        4.21094,
        0.69531,
        4.32812,
        0.8125,
        4.44531,
        0.9375,
        4.5625,
        1.04688,
        4.67969,
        1.16406,
        4.79688,
        1.28125,
        4.91406,
        1.39844,
        5.03125,
        1.51562,
        5.14844,
        1.63281,
        5.26562,
        1.75,
        5.38281,
        1.86719,
        5.5,
        1.98438,
        5.61719,
        2.10156,
        5.73438,
        2.21875,
        5.85156,
        2.33594,
        5.96875,
        2.45312,
        6.08594,
        2.57031,
        6.20312,
        2.6875,
        6.32031,
        2.80469,
        6.4375,
        2.92188,
        6.55469,
        3.03906,
        6.67188,
        3.15625,
        6.78906,
        3.27344,
        6.90625,
        3.39062
    ],
    "ImageOrientationPatientDICOM": [
        1,
        0,
        0,
        0,
        1,
        0
    ],
    "InPlanePhaseEncodingDirectionDICOM": "COL",
    "ConversionSoftware": "dcm2niix",
    "ConversionSoftwareVersion": "v1.0.20190902",
    "Dcm2bidsVersion": "2.1.4",
    "IntendedFor": []
}