{
    "Modality": "MR",
    "MagneticFieldStrength": 3,
    "ImagingFrequency": 123.261,
    "Manufacturer": "Siemens",
    "ManufacturersModelName": "Prisma",
    "InstitutionName": "Yale_University_-_Dunham_Lab._Bldg.",
    "InstitutionalDepartmentName": "Department",
    "InstitutionAddress": "Hillhouse_Ave._10_New_Haven_Northeast_US_06519",
    "DeviceSerialNumber": "166095",
    "StationName": "AWP166095",
    "BodyPartExamined": "BRAIN",
    "PatientPosition": "HFS",
    "ProcedureStepDescription": "ABCDadult",
    "SoftwareVersions": "syngo_MR_E11",
    "MRAcquisitionType": "2D",
    "SeriesDescription": "ABCD_dMRI",
    "ProtocolName": "ABCD_dMRI",
    "ScanningSequence": "EP",
    "SequenceVariant": "SK_SP",
    "ScanOptions": "PFP_FS",
    "SequenceName": "ep_b0",
    "ImageType": [
        "ORIGINAL",
        "PRIMARY",
        "DIFFUSION",
        "NONE",
        "ND",
        "MOSAIC"
    ],
    "SeriesNumber": 14,
    "AcquisitionTime": "14:48:47.377500",
    "AcquisitionNumber": 1,
    "SliceThickness": 1.7,
    "SpacingBetweenSlices": 1.7,
    "SAR": 0.199923,
    "EchoTime": 0.089,
    "RepetitionTime": 4.2,
    "FlipAngle": 90,
    "PartialFourier": 0.75,
    "BaseResolution": 140,
    "ShimSetting": [
        -2138,
        -620,
        -4062,
        603,
        -13,
        164,
        108,
        59
    ],
    "DiffusionScheme": "Monopolar",
    "TxRefAmp": 225.899,
    "PhaseResolution": 1,
    "VendorReportedEchoSpacing": 0.00069,
    "ReceiveCoilName": "Head_32",
    "ReceiveCoilActiveElements": "HEA;HEP",
    "PulseSequenceDetails": "%CustomerSeq%_ep2d_diff_sms_abcd",
    "WipMemBlock": "3b059cb0-66cb-448a-a5a0-93f91a8da229",
    "RefLinesPE": 71,
    "ConsistencyInfo": "N4_VE11C_LATEST_20160120",
    "MultibandAccelerationFactor": 3,
    "PercentPhaseFOV": 100,
    "EchoTrainLength": 105,
    "PhaseEncodingSteps": 105,
    "AcquisitionMatrixPE": 140,
    "ReconMatrixPE": 140,
    "BandwidthPerPixelPhaseEncode": 10.352,
    "EffectiveEchoSpacing": 0.000689998,
    "DerivedVendorReportedEchoSpacing": 0.000689998,
    "TotalReadoutTime": 0.0959097,
    "PixelBandwidth": 1700,
    "DwellTime": 2.1e-06,
    "PhaseEncodingDirection": "j",
    "SliceTiming": [
        0,
        2.1675,
        0.155,
        2.3225,
        0.31,
        2.4775,
        0.465,
        2.6325,
        0.62,
        2.7875,
        0.775,
        2.9425,
        0.93,
        3.0975,
        1.085,
        3.2525,
        1.24,
        3.4075,
        1.395,
        3.5625,
        1.55,
        3.7175,
        1.705,
        3.87,
        1.8575,
        4.025,
        2.0125,
        0,
        2.1675,
        0.155,
        2.3225,
        0.31,
        2.4775,
        0.465,
        2.6325,
        0.62,
        2.7875,
        0.775,
        2.9425,
        0.93,
        3.0975,
        1.085,
        3.2525,
        1.24,
        3.4075,
        1.395,
        3.5625,
        1.55,
        3.7175,
        1.705,
        3.87,
        1.8575,
        4.025,
        2.0125,
        0,
        2.1675,
        0.155,
        2.3225,
        0.31,
        2.4775,
        0.465,
        2.6325,
        0.62,
        2.7875,
        0.775,
        2.9425,
        0.93,
        3.0975,
        1.085,
        3.2525,
        1.24,
        3.4075,
        1.395,
        3.5625,
        1.55,
        3.7175,
        1.705,
        3.87,
        1.8575,
        4.025,
        2.0125
    ],
    "ImageOrientationPatientDICOM": [
        1,
        0,
        0,
        0,
        1,
        0
    ],
    "InPlanePhaseEncodingDirectionDICOM": "COL",
    "ConversionSoftware": "dcm2niix",
    "ConversionSoftwareVersion": "v1.0.20190902",
    "Dcm2bidsVersion": "2.1.4"
}