{
    "Modality": "MR",
    "MagneticFieldStrength": 3,
    "ImagingFrequency": 123.261,
    "Manufacturer": "Siemens",
    "ManufacturersModelName": "Prisma",
    "InstitutionName": "Yale_University_-_Dunham_Lab._Bldg.",
    "InstitutionalDepartmentName": "Department",
    "InstitutionAddress": "Hillhouse_Ave._10_New_Haven_Northeast_US_06519",
    "DeviceSerialNumber": "166095",
    "StationName": "AWP166095",
    "BodyPartExamined": "BRAIN",
    "PatientPosition": "HFS",
    "ProcedureStepDescription": "Casey_ABCD-Adult",
    "SoftwareVersions": "syngo_MR_E11",
    "MRAcquisitionType": "2D",
    "SeriesDescription": "ABCD_fMRI_DistortionMap_AP",
    "ProtocolName": "ABCD_fMRI_DistortionMap_AP",
    "ScanningSequence": "EP",
    "SequenceVariant": "SK_SP",
    "ScanOptions": "FS",
    "SequenceName": "epse2d1_90",
    "ImageType": [
        "ORIGINAL",
        "PRIMARY",
        "M",
        "ND"
    ],
    "SeriesNumber": 7,
    "AcquisitionTime": "11:48:19.020000",
    "AcquisitionNumber": 1,
    "SliceThickness": 2.4,
    "SpacingBetweenSlices": 2.4,
    "SAR": 0.153969,
    "EchoTime": 0.08,
    "RepetitionTime": 7.03,
    "FlipAngle": 90,
    "PartialFourier": 1,
    "BaseResolution": 90,
    "ShimSetting": [
        -2130,
        -643,
        -4073,
        492,
        -20,
        72,
        -99,
        74
    ],
    "TxRefAmp": 238.827,
    "PhaseResolution": 1,
    "VendorReportedEchoSpacing": 0.00051,
    "ReceiveCoilName": "Head_32",
    "ReceiveCoilActiveElements": "HEA;HEP",
    "PulseSequenceDetails": "%CustomerSeq%_ep2d_se_sms_abcd",
    "WipMemBlock": "7ecfa7e2-4fc5-488e-88c3-2ec85193ba4e",
    "ConsistencyInfo": "N4_VE11C_LATEST_20160120",
    "PercentPhaseFOV": 100,
    "EchoTrainLength": 90,
    "PhaseEncodingSteps": 90,
    "AcquisitionMatrixPE": 90,
    "ReconMatrixPE": 90,
    "BandwidthPerPixelPhaseEncode": 21.786,
    "EffectiveEchoSpacing": 0.000510012,
    "DerivedVendorReportedEchoSpacing": 0.000510012,
    "TotalReadoutTime": 0.045391,
    "PixelBandwidth": 2780,
    "DwellTime": 2e-06,
    "PhaseEncodingDirection": "j-",
    "SliceTiming": [
        3.51562,
        0,
        3.63281,
        0.11719,
        3.75,
        0.23438,
        3.86719,
        0.35156,
        3.97656,
        0.46875,
        4.09375,
        0.58594,
        4.21094,
        0.70312,
        4.33594,
        0.82031,
        4.45312,
        0.9375,
        4.57031,
        1.05469,
        4.6875,
        1.17188,
        4.79688,
        1.28906,
        4.91406,
        1.39844,
        5.03125,
        1.52344,
        5.14844,
        1.64062,
        5.27344,
        1.75781,
        5.39062,
        1.875,
        5.50781,
        1.99219,
        5.625,
        2.10938,
        5.73438,
        2.21875,
        5.85156,
        2.33594,
        5.96875,
        2.46094,
        6.08594,
        2.57812,
        6.21094,
        2.69531,
        6.32812,
        2.8125,
        6.44531,
        2.92969,
        6.55469,
        3.04688,
        6.67188,
        3.15625,
        6.78906,
        3.27344,
        6.90625,
        3.39844
    ],
    "ImageOrientationPatientDICOM": [
        1,
        0,
        0,
        0,
        1,
        0
    ],
    "InPlanePhaseEncodingDirectionDICOM": "COL",
    "ConversionSoftware": "dcm2niix",
    "ConversionSoftwareVersion": "v1.0.20190902",
    "Dcm2bidsVersion": "2.1.4",
    "IntendedFor": []
}